GEM
  remote: https://rubygems.org/
  specs:
    addressable (2.5.0)
      public_suffix (~> 2.0, >= 2.0.2)
    backports (3.7.0)
    builder (3.2.3)
    byebug (9.0.6)
    coderay (1.1.1)
    concurrent-ruby (1.0.5)
    cucumber (3.0.0.pre.1)
      builder (>= 2.1.2)
      cucumber-core (~> 2.0)
      cucumber-wire (~> 0.0.1)
      diff-lcs (>= 1.1.3)
      gherkin (~> 4.0)
      multi_json (>= 1.7.5, < 2.0)
      multi_test (>= 0.1.2)
    cucumber-core (2.0.0)
      backports (~> 3.6)
      gherkin (~> 4.0)
    cucumber-wire (0.0.1)
    diff-lcs (1.3)
    domain_name (0.5.20170223)
      unf (>= 0.0.5, < 1.0.0)
    dry-auto_inject (0.4.2)
      dry-container (>= 0.3.4)
    dry-configurable (0.6.2)
      concurrent-ruby (~> 1.0)
    dry-container (0.6.0)
      concurrent-ruby (~> 1.0)
      dry-configurable (~> 0.1, >= 0.1.3)
    dry-core (0.2.4)
      concurrent-ruby (~> 1.0)
    dry-equalizer (0.2.0)
    dry-initializer (0.11.0)
    dry-logic (0.4.1)
      dry-container (~> 0.2, >= 0.2.6)
      dry-core (~> 0.2)
      dry-equalizer (~> 0.2)
    dry-struct (0.2.1)
      dry-configurable (~> 0.1)
      dry-equalizer (~> 0.2)
      dry-types (~> 0.9, >= 0.9.0)
      ice_nine (~> 0.11)
    dry-system (0.6.0)
      concurrent-ruby (~> 1.0)
      dry-auto_inject (>= 0.4.0)
      dry-configurable (~> 0.2)
      dry-container (~> 0.6)
      dry-equalizer (~> 0.2)
      inflecto (>= 0.0.2)
    dry-types (0.9.4)
      concurrent-ruby (~> 1.0)
      dry-configurable (~> 0.1)
      dry-container (~> 0.3)
      dry-core (~> 0.2, >= 0.2.1)
      dry-equalizer (~> 0.2)
      dry-logic (~> 0.4, >= 0.4.0)
      inflecto (~> 0.0.0, >= 0.0.2)
    faker (1.7.3)
      i18n (~> 0.5)
    gherkin (4.1.1)
    hal-client (3.18.0)
      addressable (~> 2.3)
      http (>= 0.8.4, < 3.0)
      multi_json (~> 1.9)
    halogen (0.0.4)
      json (~> 1.8)
    http (2.2.1)
      addressable (~> 2.3)
      http-cookie (~> 1.0)
      http-form_data (~> 1.0.1)
      http_parser.rb (~> 0.6.0)
    http-cookie (1.0.3)
      domain_name (~> 0.5)
    http-form_data (1.0.1)
    http_parser.rb (0.6.0)
    i18n (0.8.1)
    ice_nine (0.11.2)
    inflecto (0.0.2)
    json (1.8.6)
    method_source (0.8.2)
    multi_json (1.12.1)
    multi_test (0.1.2)
    pry (0.10.4)
      coderay (~> 1.1.0)
      method_source (~> 0.8.1)
      slop (~> 3.4)
    pry-byebug (3.4.2)
      byebug (~> 9.0)
      pry (~> 0.10)
    public_suffix (2.0.5)
    rack (2.0.1)
    rack-cors (0.4.1)
    rack-test (0.6.3)
      rack (>= 1.0)
    rake (12.0.0)
    roda (2.24.0)
      rack
    rom (3.1.0)
      concurrent-ruby (~> 1.0)
      dry-core (~> 0.2, >= 0.2.3)
      dry-equalizer (~> 0.2)
      dry-initializer (~> 0.10, >= 0.10.2)
      dry-types (~> 0.9, >= 0.9.4)
      rom-mapper (~> 0.5)
    rom-factory (0.4.0)
      dry-configurable (~> 0.1)
      dry-core (~> 0.2)
      dry-struct (~> 0.2)
      faker (~> 1.7)
    rom-mapper (0.5.0)
      dry-core (~> 0.2.3)
      dry-equalizer (~> 0.2)
      transproc (~> 1.0)
    rom-repository (1.3.0)
      dry-core (~> 0.2, >= 0.2.1)
      dry-struct (~> 0.1)
      rom (~> 3.1)
      rom-mapper (~> 0.5)
    rom-sql (1.2.1)
      dry-core (~> 0.2, >= 0.2.3)
      dry-equalizer (~> 0.2)
      dry-types (~> 0.9, >= 0.9.4)
      rom (~> 3.1)
      sequel (~> 4.43)
    rspec (3.5.0)
      rspec-core (~> 3.5.0)
      rspec-expectations (~> 3.5.0)
      rspec-mocks (~> 3.5.0)
    rspec-core (3.5.4)
      rspec-support (~> 3.5.0)
    rspec-expectations (3.5.0)
      diff-lcs (>= 1.2.0, < 2.0)
      rspec-support (~> 3.5.0)
    rspec-hal (1.5.0)
      hal-client (> 2.4)
      rspec (>= 2.0, < 4.0.0.a)
      rspec-expectations (>= 2.0, < 4.0.0.a)
    rspec-mocks (3.5.0)
      diff-lcs (>= 1.2.0, < 2.0)
      rspec-support (~> 3.5.0)
    rspec-support (3.5.0)
    sequel (4.44.0)
    slop (3.6.0)
    sqlite3 (1.3.13)
    transproc (1.0.2)
    unf (0.1.4)
      unf_ext
    unf_ext (0.0.7.2)

PLATFORMS
  ruby

DEPENDENCIES
  byebug
  cucumber (= 3.0.0.pre.1)
  dry-system
  halogen
  inflecto
  pry
  pry-byebug
  rack
  rack-cors
  rack-test
  rake
  roda
  rom
  rom-factory
  rom-repository
  rom-sql
  rspec (> 3, < 4)
  rspec-hal
  sqlite3

BUNDLED WITH
   1.14.3
